NUGET
  remote: https://nuget.org/api/v2
  specs:
    DotNetZip (1.9.2)
    EcmaScript.Net (1.0.1.0)
    FAKE (3.7.1)
    FSharp.Compiler.Service (0.0.65)
    FSharp.Control.Reactive (2.4.0)
      Rx-Core (>= 2.2.5)
      Rx-Interfaces (>= 2.2.5)
      Rx-Linq (>= 2.2.5)
    FSharp.Formatting (2.4.33)
      FSharp.Compiler.Service (>= 0.0.62)
      Microsoft.AspNet.Razor (2.0.30506.0)
      RazorEngine (3.3.0)
    FunScript (1.1.85)
    FunScript.Rx (1.1.85)
      FSharp.Control.Reactive (2.4.0)
      FunScript (1.1.85)
    FunScript.TypeScript.Binding.bootstrap (1.1.0.37)
      FunScript.TypeScript.Binding.jquery (>= 1.1.0.37)
      FunScript.TypeScript.Binding.lib (>= 1.1.0.37)
    FunScript.TypeScript.Binding.jquery (1.1.0.37)
      FunScript.TypeScript.Binding.lib (>= 1.1.0.37)
    FunScript.TypeScript.Binding.lib (1.1.0.37)
    FunScript.TypeScript.Binding.typeahead (1.1.0.37)
      FunScript.TypeScript.Binding.jquery (>= 1.1.0.37)
      FunScript.TypeScript.Binding.lib (>= 1.1.0.37)
    Microsoft.AspNet.Razor (2.0.30506.0)
    Microsoft.AspNet.SignalR.Core (2.0.3)
      Microsoft.Owin (>= 2.0.1)
      Microsoft.Owin.Security (>= 2.0.1)
      Newtonsoft.Json (>= 5.0.0)
      Owin (>= 1.0)
    Microsoft.Bcl (1.1.9)
      Microsoft.Bcl.Build (>= 1.0.14)
    Microsoft.Bcl.Build (1.0.21)
    Microsoft.Net.Http (2.2.28)
      Microsoft.Bcl (>= 1.1.9)
      Microsoft.Bcl.Build (>= 1.0.14)
    Microsoft.Owin (2.1.0)
      Owin (>= 1.0)
    Microsoft.Owin.Diagnostics (2.1.0)
      Microsoft.Owin (>= 2.1.0)
      Owin (>= 1.0)
    Microsoft.Owin.Host.HttpListener (2.1.0)
    Microsoft.Owin.Hosting (2.1.0)
      Microsoft.Owin (>= 2.1.0)
      Owin (>= 1.0)
    Microsoft.Owin.Security (2.1.0)
      Microsoft.Owin (>= 2.1.0)
      Owin (>= 1.0)
    Newtonsoft.Json (5.0.8)
    NuGet.CommandLine (2.8.2)
    NUnit (2.6.3)
    NUnit.Runners (2.6.3)
    Octokit (0.5.2)
      Microsoft.Net.Http (>= 0)
    Owin (1.0)
    RazorEngine (3.3.0)
      Microsoft.AspNet.Razor (>= 2.0.30506.0)
    Rx-Core (2.2.5)
      Rx-Interfaces (>= 2.2.5)
    Rx-Interfaces (2.2.5)
    Rx-Linq (2.2.5)
      Rx-Core (>= 2.2.5)
      Rx-Interfaces (>= 2.2.5)
    SimpleInjector (2.6.0)
    SourceLink.Fake (0.4.0)
    YUICompressor.NET (2.4.0.0)
      EcmaScript.Net (>= 1.0.1.0)
GITHUB
  remote: fsharp/FAKE
  specs:
    modules/Octokit/Octokit.fsx (54efe1c312c5fbf5dce3b50bf28a1bdd68215819)
      Octokit (>= 0)